GEM
  remote: https://rubygems.org/
  specs:
    byebug (9.0.6)
    coderay (1.1.1)
    method_source (0.8.2)
    minitest (5.10.2)
    pry (0.10.4)
      coderay (~> 1.1.0)
      method_source (~> 0.8.1)
      slop (~> 3.4)
    pry-byebug (3.4.2)
      byebug (~> 9.0)
      pry (~> 0.10)
    slop (3.6.0)

PLATFORMS
  x86-mingw32

DEPENDENCIES
  minitest (~> 5.8, >= 5.8.4)
  pry-byebug (~> 3.4, >= 3.4.2)

BUNDLED WITH
   1.14.6
